GEM
  remote: https://rubygems.org/
  specs:
    ruby2d (0.12.1)

PLATFORMS
  arm64-darwin-23
  ruby

DEPENDENCIES
  ruby2d

BUNDLED WITH
   2.5.13
